GENERATE-LOAD-SCRIPTS: ON
STORAGE: NONE
RESTRICTION: || (== netcoreapp3.1) (== netstandard2.0) (== netstandard2.1)
NUGET
  remote: https://api.nuget.org/v3/index.json
    Deedle (2.1.2)
      FSharp.Core (>= 4.5.2)
    FSharp.Core (4.7.1)
    FSharp.Data (3.3.3)
      FSharp.Core (>= 4.3.4)
    FSharp.Data.TypeProviders (5.0.0.6)
      FSharp.Core (>= 3.1.2.5)
    Newtonsoft.Json (12.0.3)
